PATH
  remote: .
  specs:
    html_tam (0.2.4)

GEM
  remote: https://rubygems.org/
  specs:
    minitest (5.13.0)
    rake (13.0.1)

PLATFORMS
  x64-mingw32

DEPENDENCIES
  html_tam!
  minitest (~> 5.0)
  rake (~> 13.0)

BUNDLED WITH
   2.2.0.rc.2
